GEM
  remote: https://rubygems.org/
  specs:
    activemodel (5.0.2)
      activesupport (= 5.0.2)
    activerecord (5.0.2)
      activemodel (= 5.0.2)
      activesupport (= 5.0.2)
      arel (~> 7.0)
    activesupport (5.0.2)
      concurrent-ruby (~> 1.0, >= 1.0.2)
      i18n (~> 0.7)
      minitest (~> 5.1)
      tzinfo (~> 1.1)
    arel (7.1.4)
    coderay (1.1.1)
    concurrent-ruby (1.0.5)
    diff-lcs (1.3)
    equatable (0.5.0)
    i18n (0.8.1)
    kramdown (1.16.2)
    method_source (0.8.2)
    minitest (5.10.1)
    necromancer (0.4.0)
    pastel (0.7.2)
      equatable (~> 0.5.0)
      tty-color (~> 0.4.0)
    pry (0.10.4)
      coderay (~> 1.1.0)
      method_source (~> 0.8.1)
      slop (~> 3.4)
    rack (1.6.5)
    rack-protection (1.5.3)
      rack
    require_all (1.3.3)
    rouge (3.3.0)
    sinatra (1.4.8)
      rack (~> 1.5)
      rack-protection (~> 1.4)
      tilt (>= 1.3, < 3)
    sinatra-activerecord (2.0.12)
      activerecord (>= 3.2)
      sinatra (>= 1.0)
    slop (3.6.0)
    sqlite3 (1.3.13)
    strings (0.1.4)
      strings-ansi (~> 0.1.0)
      unicode-display_width (~> 1.4.0)
      unicode_utils (~> 1.4.0)
    strings-ansi (0.1.0)
    thor (0.20.3)
    thread_safe (0.3.6)
    tilt (2.0.7)
    timers (4.3.0)
    tty (0.9.1)
      bundler (~> 1.16, < 2.0)
      equatable (~> 0.5)
      pastel (~> 0.7.2)
      thor (~> 0.20.0)
      tty-box (~> 0.3.0)
      tty-color (~> 0.4)
      tty-command (~> 0.8.0)
      tty-config (~> 0.3.0)
      tty-cursor (~> 0.6)
      tty-editor (~> 0.5.0)
      tty-file (~> 0.7.0)
      tty-font (~> 0.2.0)
      tty-markdown (~> 0.5.0)
      tty-pager (~> 0.12.0)
      tty-pie (~> 0.1.0)
      tty-platform (~> 0.2.0)
      tty-progressbar (~> 0.16.0)
      tty-prompt (~> 0.18.0)
      tty-screen (~> 0.6)
      tty-spinner (~> 0.9.0)
      tty-table (~> 0.10.0)
      tty-tree (~> 0.2.0)
      tty-which (~> 0.4)
    tty-box (0.3.0)
      pastel (~> 0.7.2)
      strings (~> 0.1.4)
      tty-cursor (~> 0.6.0)
    tty-color (0.4.3)
    tty-command (0.8.2)
      pastel (~> 0.7.0)
    tty-config (0.3.1)
    tty-cursor (0.6.1)
    tty-editor (0.5.0)
      tty-prompt (~> 0.18)
      tty-which (~> 0.4)
    tty-file (0.7.0)
      diff-lcs (~> 1.3)
      pastel (~> 0.7.2)
      tty-prompt (~> 0.18)
    tty-font (0.2.0)
    tty-markdown (0.5.1)
      kramdown (~> 1.16.2)
      pastel (~> 0.7.2)
      rouge (~> 3.3)
      strings (~> 0.1.4)
      tty-color (~> 0.4)
      tty-screen (~> 0.6)
    tty-pager (0.12.0)
      strings (~> 0.1.4)
      tty-screen (~> 0.6)
      tty-which (~> 0.4)
    tty-pie (0.1.0)
      pastel (~> 0.7.2)
      tty-cursor (~> 0.6.0)
    tty-platform (0.2.0)
    tty-progressbar (0.16.0)
      strings-ansi (~> 0.1.0)
      tty-cursor (~> 0.6.0)
      tty-screen (~> 0.6.4)
      unicode-display_width (~> 1.3)
    tty-prompt (0.18.1)
      necromancer (~> 0.4.0)
      pastel (~> 0.7.0)
      timers (~> 4.0)
      tty-cursor (~> 0.6.0)
      tty-reader (~> 0.5.0)
    tty-reader (0.5.0)
      tty-cursor (~> 0.6.0)
      tty-screen (~> 0.6.4)
      wisper (~> 2.0.0)
    tty-screen (0.6.5)
    tty-spinner (0.9.0)
      tty-cursor (~> 0.6.0)
    tty-table (0.10.0)
      equatable (~> 0.5.0)
      necromancer (~> 0.4.0)
      pastel (~> 0.7.2)
      strings (~> 0.1.0)
      tty-screen (~> 0.6.4)
    tty-tree (0.2.0)
    tty-which (0.4.0)
    tzinfo (1.2.2)
      thread_safe (~> 0.1)
    unicode-display_width (1.4.1)
    unicode_utils (1.4.0)
    wisper (2.0.0)

PLATFORMS
  ruby

DEPENDENCIES
  pry
  require_all
  sinatra-activerecord
  sqlite3
  tty

BUNDLED WITH
   1.17.2
